GEM
  remote: https://rubygems.org/
  specs:
    builder (3.2.3)
    faraday (0.9.2)
      multipart-post (>= 1.2, < 3)
    highline (2.0.2)
    json (1.8.6)
    multi_json (1.13.1)
    multipart-post (2.1.1)
    spark_api (1.4.29)
      builder (>= 2.1.2, < 4.0.0)
      faraday (~> 0.9.0)
      highline (>= 1.0)
      json (~> 1.7)
      multi_json (~> 1.0)
      will_paginate (>= 3.0.pre2, < 4.0.0)
    will_paginate (3.1.7)

PLATFORMS
  ruby

DEPENDENCIES
  spark_api
